GEM
  remote: http://rubygems.org/
  specs:
    cri (1.0.1)
    haml (3.0.16)
    kramdown (0.10.0)
    mime-types (1.16)
    nanoc (3.1.4)
      nanoc3 (>= 3.1.4)
    nanoc3 (3.1.4)
      cri (>= 1.0.0)
    nokogiri (1.4.3.1)

PLATFORMS
  ruby

DEPENDENCIES
  haml
  kramdown
  mime-types
  nanoc
  nokogiri
